GEM
  remote: http://rubygems.org/
  specs:
    albacore (0.3.5)
      rubyzip
    rubyzip (0.9.9)

PLATFORMS
  x86-mingw32

DEPENDENCIES
  albacore (~> 0.3.5)
